PATH
  remote: .
  specs:
    summary (0.7.3)

GEM
  remote: http://rubygems.org/
  specs:
    minitest (2.3.1)
    rake (0.8.7)

PLATFORMS
  ruby

DEPENDENCIES
  minitest
  rake
  summary!
