PATH
  remote: .
  specs:
    summary (0.7.4)

GEM
  remote: https://rubygems.org/
  specs:
    minitest (5.0.2)
    rake (10.0.4)

PLATFORMS
  java
  ruby

DEPENDENCIES
  minitest
  rake
  summary!
