PATH
  remote: .
  specs:
    summary (0.7.1)

GEM
  remote: http://rubygems.org/
  specs:
    minitest (1.7.2)
    rake (0.8.7)

PLATFORMS
  ruby

DEPENDENCIES
  bundler (>= 1.0.0)
  minitest
  rake
  summary!
